GEM
  remote: http://rubygems.org/
  specs:
    jasmine (3.6.0)
      jasmine-core (~> 3.6.0)
      phantomjs
      rack (>= 1.2.1)
      rake
    jasmine-core (3.6.0)
    jslint_on_rails (1.1.1)
    phantomjs (2.1.1.0)
    rack (2.2.3)
    rake (13.0.3)
    whitespace (2.1.3)

PLATFORMS
  ruby

DEPENDENCIES
  jasmine (>= 2.4.0)
  jslint_on_rails
  rake (>= 12.3.3)
  whitespace

BUNDLED WITH
   1.17.3
